GEM
  remote: https://rubygems.org/
  specs:
    RedCloth (4.2.9)
    bibtex-ruby (2.3.4)
      latex-decode (>= 0.0.6)
      multi_json (~> 1.3)
    citeproc-ruby (0.0.6)
      logging (~> 1.5)
      nokogiri (~> 1.5)
    classifier (1.3.3)
      fast-stemmer (>= 1.0.0)
    directory_watcher (1.4.1)
    fast-stemmer (1.0.2)
    gsl (1.14.7)
      narray (>= 0.5.9)
    jekyll (0.12.1)
      classifier (~> 1.3)
      directory_watcher (~> 1.1)
      kramdown (~> 0.14)
      liquid (~> 2.3)
      maruku (~> 0.5)
      pygments.rb (~> 0.3.2)
    jekyll-scholar (1.1.0)
      bibtex-ruby (~> 2.3)
      citeproc-ruby (~> 0.0.6)
      jekyll (~> 0.10)
    kramdown (0.14.2)
    latex-decode (0.1.1)
      unicode (~> 0.4)
    liquid (2.4.1)
    little-plugger (1.1.3)
    logging (1.8.1)
      little-plugger (>= 1.1.3)
      multi_json (>= 1.3.6)
    maruku (0.6.1)
      syntax (>= 1.0.0)
    multi_json (1.7.9)
    narray (0.6.0.7)
    nokogiri (1.5.10)
    posix-spawn (0.3.6)
    pygments.rb (0.3.7)
      posix-spawn (~> 0.3.6)
      yajl-ruby (~> 1.1.0)
    syntax (1.0.0)
    unicode (0.4.4)
    yajl-ruby (1.1.0)

PLATFORMS
  ruby

DEPENDENCIES
  RedCloth
  gsl
  jekyll
  jekyll-scholar
  kramdown
  nokogiri (~> 1.5.10)
